GEM
  remote: https://rubygems.org/
  specs:
    addressable (2.5.1)
      public_suffix (~> 2.0, >= 2.0.2)
    diff-lcs (1.3)
    json (2.1.0)
    json-schema (2.8.0)
      addressable (>= 2.4)
    public_suffix (2.0.5)
    rspec (3.6.0)
      rspec-core (~> 3.6.0)
      rspec-expectations (~> 3.6.0)
      rspec-mocks (~> 3.6.0)
    rspec-core (3.6.0)
      rspec-support (~> 3.6.0)
    rspec-expectations (3.6.0)
      diff-lcs (>= 1.2.0, < 2.0)
      rspec-support (~> 3.6.0)
    rspec-mocks (3.6.0)
      diff-lcs (>= 1.2.0, < 2.0)
      rspec-support (~> 3.6.0)
    rspec-support (3.6.0)
    timerizer (0.1.4)

PLATFORMS
  ruby

DEPENDENCIES
  json
  json-schema
  rspec
  timerizer

BUNDLED WITH
   1.14.6
